PATH
  remote: .
  specs:
    fluent-plugin-influxdb_metrics (0.0.3)
      fluentd
      influxdb

GEM
  remote: https://rubygems.org/
  specs:
    addressable (2.3.6)
    cool.io (1.2.4)
    crack (0.4.2)
      safe_yaml (~> 1.0.0)
    fluentd (0.10.48)
      cool.io (>= 1.1.1, < 2.0.0, != 1.2.0)
      http_parser.rb (>= 0.5.1, < 0.7.0)
      json (>= 1.4.3)
      msgpack (>= 0.4.4, < 0.6.0, != 0.5.3, != 0.5.2, != 0.5.1, != 0.5.0)
      sigdump (~> 0.2.2)
      yajl-ruby (~> 1.0)
    http_parser.rb (0.6.0)
    influxdb (0.1.7)
      json
    json (1.8.1)
    msgpack (0.5.8)
    rake (10.3.2)
    safe_yaml (1.0.3)
    sigdump (0.2.2)
    webmock (1.18.0)
      addressable (>= 2.3.6)
      crack (>= 0.3.2)
    yajl-ruby (1.2.0)

PLATFORMS
  ruby

DEPENDENCIES
  fluent-plugin-influxdb_metrics!
  rake
  webmock
